PATH
  remote: .
  specs:
    dolt (0.6.2)
      async_sinatra (~> 1)
      json (~> 1)
      libdolt (~> 0)
      sinatra (~> 1)
      thin (~> 1.4)
      tiltout (~> 1)

GEM
  remote: http://rubygems.org/
  specs:
    async_sinatra (1.0.0)
      rack (>= 1.4.1)
      sinatra (>= 1.3.2)
    daemons (1.1.9)
    em-minitest-spec (1.1.1)
      eventmachine
    em_pessimistic (0.1.2)
      eventmachine (~> 1.0)
    em_rugged (0.1.3)
      eventmachine (~> 1.0)
      rugged (= 0.17.0.b6)
    eventmachine (1.0.0)
    github-markup (0.7.4)
    htmlentities (4.3.1)
    json (1.7.5)
    libdolt (0.6.0)
      em_pessimistic (~> 0.1)
      em_rugged (~> 0.1.2)
      eventmachine (~> 1.0)
      htmlentities (~> 4.3)
      json (~> 1.7)
      makeup (~> 0)
      mime-types (~> 1.19)
      tzinfo (~> 0.3)
    makeup (0.1.1)
      github-markup (~> 0.7)
      htmlentities (~> 4.3)
      pygments.rb (~> 0.2)
    metaclass (0.0.1)
    mime-types (1.19)
    minitest (2.12.1)
    mocha (0.12.6)
      metaclass (~> 0.0.1)
    posix-spawn (0.3.6)
    pygments.rb (0.3.1)
      posix-spawn (~> 0.3.6)
      yajl-ruby (~> 1.1.0)
    rack (1.4.1)
    rack-protection (1.2.0)
      rack
    rake (0.9.2.2)
    rugged (0.17.0.b6)
    sinatra (1.3.3)
      rack (~> 1.3, >= 1.3.6)
      rack-protection (~> 1.2)
      tilt (~> 1.3, >= 1.3.3)
    thin (1.5.0)
      daemons (>= 1.0.9)
      eventmachine (>= 0.12.6)
      rack (>= 1.0.0)
    tilt (1.3.3)
    tiltout (1.0.0)
      tilt (~> 1.3)
    tzinfo (0.3.33)
    yajl-ruby (1.1.0)

PLATFORMS
  ruby

DEPENDENCIES
  dolt!
  em-minitest-spec (~> 1.1)
  minitest (~> 2.0)
  mocha
  rake (~> 0.9)
