PATH
  remote: .
  specs:
    moron (0.1.0)
      async_sinatra (~> 1.0)
      eventmachine (~> 0.12)
      sinatra (~> 1.3)
      thin (~> 1.4)

GEM
  remote: http://rubygems.org/
  specs:
    async_sinatra (1.0.0)
      rack (>= 1.4.1)
      sinatra (>= 1.3.2)
    daemons (1.1.9)
    em-minitest-spec (1.1.1)
      eventmachine
    eventmachine (0.12.10)
    minitest (2.1.0)
    mocha (0.9.12)
    rack (1.4.1)
    rack-protection (1.2.0)
      rack
    rake (0.9.2.2)
    sinatra (1.3.3)
      rack (~> 1.3, >= 1.3.6)
      rack-protection (~> 1.2)
      tilt (~> 1.3, >= 1.3.3)
    thin (1.4.1)
      daemons (>= 1.0.9)
      eventmachine (>= 0.12.6)
      rack (>= 1.0.0)
    tilt (1.3.3)

PLATFORMS
  ruby

DEPENDENCIES
  em-minitest-spec (~> 1.1)
  minitest (~> 2.0)
  mocha
  moron!
  rake (~> 0.9)
