PATH
  remote: .
  specs:
    dolt (0.20.0)
      json (~> 1.5)
      libdolt (~> 0.21)
      sinatra (~> 1.0)
      thin (~> 1.4)
      tiltout (~> 1.4)
      trollop (~> 2.0)

GEM
  remote: http://rubygems.org/
  specs:
    daemons (1.1.9)
    eventmachine (1.0.3)
    github-markup (0.7.5)
    htmlentities (4.3.1)
    json (1.7.7)
    libdolt (0.22.0)
      htmlentities (~> 4.3)
      json (~> 1.7)
      makeup (~> 0.2)
      mime-types (~> 1.19)
      rugged (= 0.17.0.b6)
      tzinfo (~> 0.3)
    makeup (0.3.0)
      github-markup (~> 0.7)
      htmlentities (~> 4.3)
      pygments.rb (~> 0.2)
    mime-types (1.23)
    minitest (2.12.1)
    posix-spawn (0.3.6)
    pygments.rb (0.5.1)
      posix-spawn (~> 0.3.6)
      yajl-ruby (~> 1.1.0)
    rack (1.5.2)
    rack-protection (1.5.0)
      rack
    rack-test (0.6.2)
      rack (>= 1.0)
    rake (0.9.6)
    rugged (0.17.0.b6)
    sinatra (1.4.3)
      rack (~> 1.4)
      rack-protection (~> 1.4)
      tilt (~> 1.3, >= 1.3.4)
    thin (1.5.1)
      daemons (>= 1.0.9)
      eventmachine (>= 0.12.6)
      rack (>= 1.0.0)
    tilt (1.4.1)
    tiltout (1.4.0)
      tilt (~> 1.3)
    trollop (2.0)
    tzinfo (0.3.37)
    yajl-ruby (1.1.0)

PLATFORMS
  ruby

DEPENDENCIES
  dolt!
  minitest (~> 2.0)
  rack-test (~> 0.6)
  rake (~> 0.9)
