PATH
  remote: .
  specs:
    dolt (0.24.0)
      json (~> 1.5)
      libdolt (~> 0.23)
      sinatra (~> 1.0)
      thin (~> 1.4)
      tiltout (~> 1.4)
      trollop (~> 2.0)

GEM
  remote: http://rubygems.org/
  specs:
    builder (3.2.2)
    ci_reporter (1.9.0)
      builder (>= 2.1.2)
    daemons (1.1.9)
    eventmachine (1.0.3)
    github-markup (0.7.5)
    htmlentities (4.3.1)
    json (1.8.0)
    libdolt (0.23.0)
      htmlentities (~> 4.3)
      json (~> 1.7)
      makeup (~> 0.2)
      mime-types (~> 1.19)
      rugged (= 0.18.0.gh.de28323)
      tzinfo (~> 0.3)
    makeup (0.3.0)
      github-markup (~> 0.7)
      htmlentities (~> 4.3)
      pygments.rb (~> 0.2)
    mime-types (1.23)
    minitest (2.12.1)
    multi_json (1.7.7)
    posix-spawn (0.3.6)
    pygments.rb (0.5.1)
      posix-spawn (~> 0.3.6)
      yajl-ruby (~> 1.1.0)
    rack (1.5.2)
    rack-protection (1.5.0)
      rack
    rack-test (0.6.2)
      rack (>= 1.0)
    rake (0.9.6)
    rcov (1.0.0)
    rugged (0.18.0.gh.de28323)
    simplecov (0.7.1)
      multi_json (~> 1.0)
      simplecov-html (~> 0.7.1)
    simplecov-html (0.7.1)
    sinatra (1.4.3)
      rack (~> 1.4)
      rack-protection (~> 1.4)
      tilt (~> 1.3, >= 1.3.4)
    thin (1.5.1)
      daemons (>= 1.0.9)
      eventmachine (>= 0.12.6)
      rack (>= 1.0.0)
    tilt (1.4.1)
    tiltout (1.4.0)
      tilt (~> 1.3)
    trollop (2.0)
    tzinfo (0.3.37)
    yajl-ruby (1.1.0)

PLATFORMS
  ruby

DEPENDENCIES
  ci_reporter
  dolt!
  minitest (~> 2.0)
  rack-test (~> 0.6)
  rake (~> 0.9)
  rcov
  simplecov
